PATH
  remote: .
  specs:
    google_trends_collector (0.0.1)
      bundler
      headless
      rake
      watir-webdriver

GEM
  remote: http://rubygems.org/
  remote: http://attractor:fuckthesystem@rubygems.attractor.pro/
  specs:
    childprocess (0.3.9)
      ffi (~> 1.0, >= 1.0.11)
    ffi (1.9.0)
    headless (1.0.1)
    multi_json (1.9.2)
    rake (10.3.1)
    rubyzip (1.1.0)
    selenium-webdriver (2.35.0)
      childprocess (>= 0.2.5)
      multi_json (~> 1.0)
      rubyzip
      websocket (~> 1.0.4)
    watir-webdriver (0.6.7)
      selenium-webdriver (>= 2.18.0)
    websocket (1.0.7)

PLATFORMS
  ruby

DEPENDENCIES
  google_trends_collector!
